GEM
  remote: https://rubygems.org/
  specs:
    coderay (1.1.3)
    dotenv (2.7.6)
    elasticsearch (7.16.3)
      elasticsearch-api (= 7.16.3)
      elasticsearch-transport (= 7.16.3)
    elasticsearch-api (7.16.3)
      multi_json
    elasticsearch-transport (7.16.3)
      faraday (~> 1)
      multi_json
    esse (0.1.1)
      elasticsearch
      multi_json
      thor (>= 0.19)
    faraday (1.9.3)
      faraday-em_http (~> 1.0)
      faraday-em_synchrony (~> 1.0)
      faraday-excon (~> 1.1)
      faraday-httpclient (~> 1.0)
      faraday-multipart (~> 1.0)
      faraday-net_http (~> 1.0)
      faraday-net_http_persistent (~> 1.0)
      faraday-patron (~> 1.0)
      faraday-rack (~> 1.0)
      faraday-retry (~> 1.0)
      ruby2_keywords (>= 0.0.4)
    faraday-em_http (1.0.0)
    faraday-em_synchrony (1.0.0)
    faraday-excon (1.1.0)
    faraday-httpclient (1.0.1)
    faraday-multipart (1.0.3)
      multipart-post (>= 1.2, < 3)
    faraday-net_http (1.0.1)
    faraday-net_http_persistent (1.2.0)
    faraday-patron (1.0.0)
    faraday-rack (1.0.0)
    faraday-retry (1.0.3)
    method_source (1.0.0)
    multi_json (1.15.0)
    multipart-post (2.1.1)
    pry (0.14.1)
      coderay (~> 1.1)
      method_source (~> 1.0)
    ruby2_keywords (0.0.5)
    thor (1.2.1)

PLATFORMS
  arm64-darwin-21

DEPENDENCIES
  dotenv (~> 2.7, >= 2.7.6)
  esse (~> 0.1.1)
  pry (~> 0.14.1)

BUNDLED WITH
   2.3.5
