GEM
  remote: https://rubygems.org/
  specs:
    coderay (1.1.3)
    dotenv (2.7.6)
    elasticsearch (5.0.5)
      elasticsearch-api (= 5.0.5)
      elasticsearch-transport (= 5.0.5)
    elasticsearch-api (5.0.5)
      multi_json
    elasticsearch-transport (5.0.5)
      faraday
      multi_json
    esse (0.1.1)
      elasticsearch
      multi_json
      thor (>= 0.19)
    faraday (2.1.0)
      faraday-net_http (~> 2.0)
      ruby2_keywords (>= 0.0.4)
    faraday-net_http (2.0.1)
    method_source (1.0.0)
    multi_json (1.15.0)
    pry (0.14.1)
      coderay (~> 1.1)
      method_source (~> 1.0)
    ruby2_keywords (0.0.5)
    thor (1.2.1)

PLATFORMS
  arm64-darwin-21
  x86_64-linux

DEPENDENCIES
  dotenv (~> 2.7, >= 2.7.6)
  elasticsearch (~> 5.0, >= 5.0.5)
  esse (~> 0.1.1)
  pry (~> 0.14.1)

BUNDLED WITH
   2.3.6
